PATH
  remote: .
  specs:
    pptgallery (0.1)
      builder
      foreman (= 0.61)
      haml
      libreconv
      rack
      rmagick
      sinatra
      thin

GEM
  remote: https://rubygems.org/ 
  specs:
    backports (3.6.4)
    builder (3.2.2)
    daemons (1.2.2)
    diff-lcs (1.2.5)
    eventmachine (1.0.7)
    ffi (1.9.8)
    foreman (0.61.0)
      thor (>= 0.13.6)
    haml (4.0.6)
      tilt
    libreconv (0.9.0)
      spoon
    multi_json (1.11.0)
    rack (1.6.1)
    rack-protection (1.5.3)
      rack
    rack-test (0.6.3)
      rack (>= 1.0)
    rake (10.4.2)
    rmagick (2.15.0)
    rspec (3.2.0)
      rspec-core (~> 3.2.0)
      rspec-expectations (~> 3.2.0)
      rspec-mocks (~> 3.2.0)
    rspec-core (3.2.3)
      rspec-support (~> 3.2.0)
    rspec-expectations (3.2.1)
      diff-lcs (>= 1.2.0, < 2.0)
      rspec-support (~> 3.2.0)
    rspec-mocks (3.2.1)
      diff-lcs (>= 1.2.0, < 2.0)
      rspec-support (~> 3.2.0)
    rspec-support (3.2.2)
    ruby-beautify (0.97.3)
    sinatra (1.4.6)
      rack (~> 1.4)
      rack-protection (~> 1.4)
      tilt (>= 1.3, < 3)
    sinatra-contrib (1.4.2)
      backports (>= 2.0)
      multi_json
      rack-protection
      rack-test
      sinatra (~> 1.4.0)
      tilt (~> 1.3)
    spoon (0.0.4)
      ffi
    thin (1.6.3)
      daemons (~> 1.0, >= 1.0.9)
      eventmachine (~> 1.0)
      rack (~> 1.0)
    thor (0.19.1)
    tilt (1.4.1)

PLATFORMS
  ruby

DEPENDENCIES
  bundler
  pptgallery!
  rake
  rspec
  ruby-beautify
  sinatra-contrib
